GEM
  remote: https://rubygems.org/
  specs:
    json (1.8.0)
    nokogiri (1.5.9)

PLATFORMS
  ruby

DEPENDENCIES
  json
  nokogiri
